GEM
  remote: https://rubygems.org/
  specs:
    concurrent-ruby (1.1.7)
    faker (1.9.6)
      i18n (>= 0.7)
    i18n (1.8.5)
      concurrent-ruby (~> 1.0)
    minitest (5.14.2)
    ruby2d (0.9.4)

PLATFORMS
  ruby

DEPENDENCIES
  faker (~> 1.9)
  minitest (~> 5)
  ruby2d (~> 0.9.4)

BUNDLED WITH
   2.0.2
